GEM
  remote: https://rubygems.org/
  specs:
    activemodel (5.2.2)
      activesupport (= 5.2.2)
    activerecord (5.2.2)
      activemodel (= 5.2.2)
      activesupport (= 5.2.2)
      arel (>= 9.0)
    activesupport (5.2.2)
      concurrent-ruby (~> 1.0, >= 1.0.2)
      i18n (>= 0.7, < 2)
      minitest (~> 5.1)
      tzinfo (~> 1.1)
    arel (9.0.0)
    awesome_print (1.8.0)
    backports (3.11.4)
    bond (0.5.1)
    choice (0.2.0)
    coderay (1.1.2)
    coffee-script (2.4.1)
      coffee-script-source
      execjs
    coffee-script-source (1.12.2)
    concurrent-ruby (1.1.4)
    daemons (1.3.1)
    et-orbi (1.1.6)
      tzinfo
    eventmachine (1.2.7)
    execjs (2.7.0)
    i18n (1.4.0)
      concurrent-ruby (~> 1.0)
    json-compare (0.1.8)
    method_source (0.9.2)
    minitest (5.11.3)
    multi_json (1.13.1)
    mustermann (1.0.3)
    mysql2 (0.4.10)
    pg (1.1.3)
    pry (0.12.2)
      coderay (~> 1.1.0)
      method_source (~> 0.9.0)
    puma (3.12.0)
    rack (2.0.6)
    rack-protection (2.0.5)
      rack
    rack-test (0.6.3)
      rack (>= 1.0)
    rails-erd (1.5.2)
      activerecord (>= 3.2)
      activesupport (>= 3.2)
      choice (~> 0.2.0)
      ruby-graphviz (~> 1.2)
    rake (12.3.2)
    ripl (0.7.1)
      bond (~> 0.5.1)
    ripl-multi_line (0.3.1)
      ripl (>= 0.3.6)
    ripl-rack (0.2.1)
      rack (>= 1.0)
      rack-test (~> 0.6.2)
      ripl (>= 0.7.0)
    ruby-graphviz (1.2.4)
    rufus-scheduler (3.4.2)
      et-orbi (~> 1.0)
    sass (3.4.25)
    shotgun (0.9.2)
      rack (>= 1.0)
    sinatra (2.0.5)
      mustermann (~> 1.0)
      rack (~> 2.0)
      rack-protection (= 2.0.5)
      tilt (~> 2.0)
    sinatra-activerecord (2.0.13)
      activerecord (>= 3.2)
      sinatra (>= 1.0)
    sinatra-contrib (2.0.5)
      backports (>= 2.8.2)
      multi_json
      mustermann (~> 1.0)
      rack-protection (= 2.0.5)
      sinatra (= 2.0.5)
      tilt (>= 1.3, < 3)
    sinatra-twitter-bootstrap (2.3.4)
    smashing (1.1.0)
      coffee-script (~> 2.4.1)
      execjs (~> 2.7.0)
      rack (~> 2.0.0)
      rufus-scheduler (~> 3.4.2)
      sass (~> 3.4.24)
      sinatra (~> 2.0.0)
      sinatra-contrib (~> 2.0.0)
      sprockets (~> 3.7.1)
      thin (~> 1.7.0)
      thor (~> 0.19.4)
    sprockets (3.7.2)
      concurrent-ruby (~> 1.0)
      rack (> 1, < 3)
    sqlite3 (1.3.13)
    thin (1.7.2)
      daemons (~> 1.0, >= 1.0.9)
      eventmachine (~> 1.0, >= 1.0.4)
      rack (>= 1, < 3)
    thor (0.19.4)
    thread_safe (0.3.6)
    tilt (2.0.9)
    tux (0.3.0)
      ripl (>= 0.3.5)
      ripl-multi_line (>= 0.2.4)
      ripl-rack (>= 0.2.0)
      sinatra (>= 1.2.1)
    tzinfo (1.2.5)
      thread_safe (~> 0.1)

PLATFORMS
  ruby

DEPENDENCIES
  activerecord (~> 5.0, >= 5.0.1)
  awesome_print
  json-compare
  mysql2 (~> 0.4.10)
  pg
  pry
  puma
  rails-erd
  rake (~> 12.0)
  ruby-graphviz
  shotgun
  sinatra
  sinatra-activerecord (~> 2.0, >= 2.0.11)
  sinatra-twitter-bootstrap
  smashing
  sqlite3
  tux

BUNDLED WITH
   2.0.1
